GEM
  remote: https://rubygems.org/
  specs:
    puma (3.0.1)

PLATFORMS
  ruby

DEPENDENCIES
  puma (= 3.0.1)

BUNDLED WITH
   1.11.2
